GEM
  remote: http://rubygems.org/
  specs:
    actionmailer (2.3.10)
      actionpack (= 2.3.10)
    actionpack (2.3.10)
      activesupport (= 2.3.10)
      rack (~> 1.1.0)
    activerecord (2.3.10)
      activesupport (= 2.3.10)
    activeresource (2.3.10)
      activesupport (= 2.3.10)
    activesupport (2.3.10)
    addressable (2.2.6)
    builder (3.0.0)
    ci_reporter (1.7.0)
      builder (>= 2.1.2)
    diff-lcs (1.1.3)
    gdata (1.1.2)
    highline (1.6.11)
    mime-types (1.19)
    nokogiri (1.5.0)
    oauth (0.4.6)
    rack (1.1.2)
    rails (2.3.10)
      actionmailer (= 2.3.10)
      actionpack (= 2.3.10)
      activerecord (= 2.3.10)
      activeresource (= 2.3.10)
      activesupport (= 2.3.10)
      rake (>= 0.8.3)
    rake (0.9.2.2)
    rest-client (1.6.7)
      mime-types (>= 1.16)
    rspec (2.9.0)
      rspec-core (~> 2.9.0)
      rspec-expectations (~> 2.9.0)
      rspec-mocks (~> 2.9.0)
    rspec-core (2.9.0)
    rspec-expectations (2.9.1)
      diff-lcs (~> 1.1.3)
    rspec-mocks (2.9.0)
    sqlite3 (1.3.5)
    xml-simple (1.1.1)

PLATFORMS
  ruby

DEPENDENCIES
  activesupport (= 2.3.10)
  addressable (= 2.2.6)
  ci_reporter (= 1.7.0)
  gdata (= 1.1.2)
  highline (= 1.6.11)
  nokogiri (= 1.5.0)
  oauth (= 0.4.6)
  rails (= 2.3.10)
  rake (= 0.9.2.2)
  rest-client (= 1.6.7)
  rspec (= 2.9.0)
  sqlite3 (= 1.3.5)
  xml-simple (= 1.1.1)
