GEM
  remote: http://rubygems.org/
  specs:
    actionmailer (2.3.10)
      actionpack (= 2.3.10)
    actionpack (2.3.10)
      activesupport (= 2.3.10)
      rack (~> 1.1.0)
    activerecord (2.3.10)
      activesupport (= 2.3.10)
    activeresource (2.3.10)
      activesupport (= 2.3.10)
    activesupport (2.3.10)
    addressable (2.2.8)
    allplayers (0.1.0)
      activesupport (= 2.3.10)
      addressable (~> 2.2.7)
      rake (~> 0.9.2.2)
      rest-client (~> 1.6.7)
      xml-simple (~> 1.1.1)
    allplayers_imports (0.1.0)
      allplayers (~> 0.1.0)
      ci_reporter (~> 1.7.0)
      fastercsv (~> 1.5.3)
      highline (~> 1.6.11)
    builder (3.1.4)
    ci_reporter (1.7.3)
      builder (>= 2.1.2)
    fastercsv (1.5.5)
    gdata (1.1.2)
    highline (1.6.15)
    mime-types (1.19)
    nokogiri (1.5.0)
    rack (1.1.5)
    rails (2.3.10)
      actionmailer (= 2.3.10)
      actionpack (= 2.3.10)
      activerecord (= 2.3.10)
      activeresource (= 2.3.10)
      activesupport (= 2.3.10)
      rake (>= 0.8.3)
    rake (0.9.2.2)
    rest-client (1.6.7)
      mime-types (>= 1.16)
    sqlite3 (1.3.5)
    xml-simple (1.1.2)

PLATFORMS
  ruby

DEPENDENCIES
  allplayers (~> 0.1.0)
  allplayers_imports (~> 0.1.0)
  gdata (= 1.1.2)
  nokogiri (= 1.5.0)
  rails (= 2.3.10)
  sqlite3 (= 1.3.5)
